PATH
  remote: .
  specs:
    mp_event_dump (0.1.0)
      colorize
      mixpanel_client

GEM
  remote: https://rubygems.org/
  specs:
    colorize (0.7.7)
    ethon (0.7.3)
      ffi (>= 1.3.0)
    ffi (1.9.8)
    mixpanel_client (4.1.2)
      typhoeus
    typhoeus (0.7.1)
      ethon (>= 0.7.1)

PLATFORMS
  ruby

DEPENDENCIES
  mp_event_dump!

BUNDLED WITH
   1.10.1
